PATH
  remote: .
  specs:
    maybee (1.6.0)
      activerecord (>= 7.0.0, < 8)
      activesupport (>= 7.0.0, < 8)
      i18n (>= 0.6.9)

GEM
  remote: https://rubygems.org/
  specs:
    activemodel (7.0.3.1)
      activesupport (= 7.0.3.1)
    activerecord (7.0.3.1)
      activemodel (= 7.0.3.1)
      activesupport (= 7.0.3.1)
    activesupport (7.0.3.1)
      concurrent-ruby (~> 1.0, >= 1.0.2)
      i18n (>= 1.6, < 2)
      minitest (>= 5.1)
      tzinfo (~> 2.0)
    byebug (9.0.6)
    concurrent-ruby (1.1.10)
    docile (1.1.5)
    i18n (1.11.0)
      concurrent-ruby (~> 1.0)
    json (2.6.2)
    minitest (5.10.1)
    rake (13.0.6)
    simplecov (0.14.1)
      docile (~> 1.1.0)
      json (>= 1.8, < 3)
      simplecov-html (~> 0.10.0)
    simplecov-html (0.10.0)
    sqlite3 (1.4.2)
    tzinfo (2.0.4)
      concurrent-ruby (~> 1.0)

PLATFORMS
  ruby

DEPENDENCIES
  byebug
  maybee!
  minitest
  rake
  simplecov
  sqlite3

BUNDLED WITH
   2.1.4
